GEM
  remote: http://rubygems.org/
  specs:
    addressable (2.8.1)
      public_suffix (>= 2.0.2, < 6.0)
    akami (1.2.0)
      gyoku (>= 0.4.0)
      nokogiri (>= 1.4.0)
    awesome_print (1.0.2)
    builder (3.0.0)
    git (1.13.0)
      addressable (~> 2.8)
      rchardet (~> 1.8)
    gyoku (0.4.6)
      builder (>= 2.1.2)
    httpi (1.1.1)
      rack
    jeweler (1.8.4)
      bundler (~> 1.0)
      git (>= 1.2.5)
      rake
      rdoc
    mini_portile2 (2.8.0)
    nokogiri (1.13.6)
      mini_portile2 (~> 2.8.0)
      racc (~> 1.4)
    nori (1.1.5)
    public_suffix (5.0.1)
    racc (1.6.0)
    rack (2.2.3)
    rake (13.0.3)
    rchardet (1.8.0)
    rcov (0.9.11)
    rdoc (6.3.1)
    savon (1.1.0)
      akami (~> 1.2.0)
      builder (>= 2.1.2)
      gyoku (~> 0.4.5)
      httpi (~> 1.1.0)
      nokogiri (>= 1.4.0)
      nori (~> 1.1.0)
      wasabi (~> 2.5.0)
    shoulda (2.11.3)
    wasabi (2.5.1)
      httpi (~> 1.0)
      nokogiri (>= 1.4.0)

PLATFORMS
  ruby

DEPENDENCIES
  awesome_print (>= 1.0.2)
  bundler (~> 1.2.0)
  jeweler (~> 1.8.4)
  rcov
  savon (>= 1.1.0)
  shoulda
